PATH
  remote: .
  specs:
    mrproper (0.0.4)
      minitest

GEM
  remote: https://rubygems.org/
  specs:
    minitest (5.11.3)
    rake (10.0.2)

PLATFORMS
  ruby

DEPENDENCIES
  mrproper!
  rake

BUNDLED WITH
   1.16.1
